PATH
  remote: .
  specs:
    kablammo (0.1)
      execjs (= 1.4.0)
      multi_json
      oj
      redis_message_capsule (~> 0.8.3)

GEM
  remote: https://rubygems.org/
  specs:
    diff-lcs (1.3)
    execjs (1.4.0)
      multi_json (~> 1.0)
    json (2.2.0)
    multi_json (1.13.1)
    oj (3.8.1)
    rake (10.1.0)
    redis (4.1.2)
    redis_message_capsule (0.8.3)
      json
      redis
    rspec (3.8.0)
      rspec-core (~> 3.8.0)
      rspec-expectations (~> 3.8.0)
      rspec-mocks (~> 3.8.0)
    rspec-core (3.8.2)
      rspec-support (~> 3.8.0)
    rspec-expectations (3.8.4)
      diff-lcs (>= 1.2.0, < 2.0)
      rspec-support (~> 3.8.0)
    rspec-mocks (3.8.1)
      diff-lcs (>= 1.2.0, < 2.0)
      rspec-support (~> 3.8.0)
    rspec-support (3.8.2)

PLATFORMS
  ruby

DEPENDENCIES
  kablammo!
  rake
  rspec

BUNDLED WITH
   2.0.2
