PATH
  remote: .
  specs:
    kablammo (0.1)
      execjs (= 1.4.0)
      multi_json
      oj
      redis_message_capsule (~> 0.8.3)

GEM
  remote: https://rubygems.org/
  specs:
    execjs (1.4.0)
      multi_json (~> 1.0)
    json (2.2.0)
    multi_json (1.13.1)
    oj (3.8.1)
    rake (10.1.0)
    redis (4.1.2)
    redis_message_capsule (0.8.3)
      json
      redis

PLATFORMS
  ruby

DEPENDENCIES
  kablammo!
  rake

BUNDLED WITH
   2.0.2
